GEM
  remote: https://rubygems.org/
  specs:
    actionmailer (4.2.3)
      actionpack (= 4.2.3)
      actionview (= 4.2.3)
      activejob (= 4.2.3)
      mail (~> 2.5, >= 2.5.4)
      rails-dom-testing (~> 1.0, >= 1.0.5)
    actionpack (4.2.3)
      actionview (= 4.2.3)
      activesupport (= 4.2.3)
      rack (~> 1.6)
      rack-test (~> 0.6.2)
      rails-dom-testing (~> 1.0, >= 1.0.5)
      rails-html-sanitizer (~> 1.0, >= 1.0.2)
    actionview (4.2.3)
      activesupport (= 4.2.3)
      builder (~> 3.1)
      erubis (~> 2.7.0)
      rails-dom-testing (~> 1.0, >= 1.0.5)
      rails-html-sanitizer (~> 1.0, >= 1.0.2)
    active_model_serializers (0.9.3)
      activemodel (>= 3.2)
    activejob (4.2.3)
      activesupport (= 4.2.3)
      globalid (>= 0.3.0)
    activemodel (4.2.3)
      activesupport (= 4.2.3)
      builder (~> 3.1)
    activerecord (4.2.3)
      activemodel (= 4.2.3)
      activesupport (= 4.2.3)
      arel (~> 6.0)
    activesupport (4.2.3)
      i18n (~> 0.7)
      json (~> 1.7, >= 1.7.7)
      minitest (~> 5.1)
      thread_safe (~> 0.3, >= 0.3.4)
      tzinfo (~> 1.1)
    arel (6.0.3)
    ast (2.1.0)
    astrolabe (1.3.1)
      parser (~> 2.2)
    binding_of_caller (0.7.2)
      debug_inspector (>= 0.0.1)
    builder (3.2.2)
    bullet (4.14.10)
      activesupport (>= 3.0.0)
      uniform_notifier (~> 1.9.0)
    byebug (8.1.0)
    capybara (2.5.0)
      mime-types (>= 1.16)
      nokogiri (>= 1.3.3)
      rack (>= 1.0.0)
      rack-test (>= 0.5.4)
      xpath (~> 2.0)
    codeclimate-test-reporter (0.4.8)
      simplecov (>= 0.7.1, < 1.0.0)
    coderay (1.1.0)
    debug_inspector (0.0.2)
    diff-lcs (1.2.5)
    docile (1.1.5)
    dotenv (2.0.2)
    dotenv-rails (2.0.2)
      dotenv (= 2.0.2)
      railties (~> 4.0)
    erubis (2.7.0)
    factory_girl (4.5.0)
      activesupport (>= 3.0.0)
    factory_girl_rails (4.5.0)
      factory_girl (~> 4.5.0)
      railties (>= 3.0.0)
    faker (1.5.0)
      i18n (~> 0.5)
    globalid (0.3.6)
      activesupport (>= 4.1.0)
    i18n (0.7.0)
    json (1.8.3)
    kgio (2.10.0)
    lol_dba (2.0.1)
      actionpack (>= 3.0, < 5.0)
      activerecord (>= 3.0, < 5.0)
      railties (>= 3.0, < 5.0)
    loofah (2.0.3)
      nokogiri (>= 1.5.9)
    mail (2.6.3)
      mime-types (>= 1.16, < 3)
    method_source (0.8.2)
    mime-types (2.6.2)
    mini_portile (0.6.2)
    minitest (5.8.2)
    nokogiri (1.6.6.2)
      mini_portile (~> 0.6.0)
    parser (2.2.3.0)
      ast (>= 1.1, < 3.0)
    pg (0.18.3)
    powerpack (0.1.1)
    pry (0.10.3)
      coderay (~> 1.1.0)
      method_source (~> 0.8.1)
      slop (~> 3.4)
    pry-rails (0.3.4)
      pry (>= 0.9.10)
    rack (1.6.4)
    rack-cors (0.4.0)
    rack-test (0.6.3)
      rack (>= 1.0)
    rails (4.2.3)
      actionmailer (= 4.2.3)
      actionpack (= 4.2.3)
      actionview (= 4.2.3)
      activejob (= 4.2.3)
      activemodel (= 4.2.3)
      activerecord (= 4.2.3)
      activesupport (= 4.2.3)
      bundler (>= 1.3.0, < 2.0)
      railties (= 4.2.3)
      sprockets-rails
    rails-api (0.4.0)
      actionpack (>= 3.2.11)
      railties (>= 3.2.11)
    rails-deprecated_sanitizer (1.0.3)
      activesupport (>= 4.2.0.alpha)
    rails-dom-testing (1.0.7)
      activesupport (>= 4.2.0.beta, < 5.0)
      nokogiri (~> 1.6.0)
      rails-deprecated_sanitizer (>= 1.0.1)
    rails-html-sanitizer (1.0.2)
      loofah (~> 2.0)
    rails_12factor (0.0.3)
      rails_serve_static_assets
      rails_stdout_logging
    rails_serve_static_assets (0.0.4)
    rails_stdout_logging (0.0.4)
    railties (4.2.3)
      actionpack (= 4.2.3)
      activesupport (= 4.2.3)
      rake (>= 0.8.7)
      thor (>= 0.18.1, < 2.0)
    rainbow (2.0.0)
    raindrops (0.15.0)
    rake (10.4.2)
    rdoc (4.2.0)
    rspec-core (3.1.7)
      rspec-support (~> 3.1.0)
    rspec-expectations (3.1.2)
      diff-lcs (>= 1.2.0, < 2.0)
      rspec-support (~> 3.1.0)
    rspec-its (1.2.0)
      rspec-core (>= 3.0.0)
      rspec-expectations (>= 3.0.0)
    rspec-mocks (3.1.3)
      rspec-support (~> 3.1.0)
    rspec-rails (3.1.0)
      actionpack (>= 3.0)
      activesupport (>= 3.0)
      railties (>= 3.0)
      rspec-core (~> 3.1.0)
      rspec-expectations (~> 3.1.0)
      rspec-mocks (~> 3.1.0)
      rspec-support (~> 3.1.0)
    rspec-support (3.1.2)
    rubocop (0.35.1)
      astrolabe (~> 1.3)
      parser (>= 2.2.3.0, < 3.0)
      powerpack (~> 0.1)
      rainbow (>= 1.99.1, < 3.0)
      ruby-progressbar (~> 1.7)
      tins (<= 1.6.0)
    ruby-progressbar (1.7.5)
    sdoc (0.4.1)
      json (~> 1.7, >= 1.7.7)
      rdoc (~> 4.0)
    simplecov (0.10.0)
      docile (~> 1.1.0)
      json (~> 1.8)
      simplecov-html (~> 0.10.0)
    simplecov-html (0.10.0)
    slop (3.6.0)
    spring (1.4.1)
    sprockets (3.4.0)
      rack (> 1, < 3)
    sprockets-rails (2.3.3)
      actionpack (>= 3.0)
      activesupport (>= 3.0)
      sprockets (>= 2.8, < 4.0)
    thor (0.19.1)
    thread_safe (0.3.5)
    tins (1.6.0)
    tzinfo (1.2.2)
      thread_safe (~> 0.1)
    unicorn (5.0.0)
      kgio (~> 2.6)
      rack
      raindrops (~> 0.7)
    uniform_notifier (1.9.0)
    web-console (2.2.1)
      activemodel (>= 4.0)
      binding_of_caller (>= 0.7.2)
      railties (>= 4.0)
      sprockets-rails (>= 2.0, < 4.0)
    xpath (2.0.0)
      nokogiri (~> 1.3)

PLATFORMS
  ruby

DEPENDENCIES
  active_model_serializers
  bullet
  byebug
  capybara
  codeclimate-test-reporter
  dotenv-rails
  factory_girl_rails (~> 4.0)
  faker
  lol_dba
  pg
  pry-rails
  rack-cors
  rails (= 4.2.3)
  rails-api
  rails_12factor
  rails_serve_static_assets
  rails_stdout_logging
  rspec-its
  rspec-rails (~> 3.1.0)
  rubocop
  sdoc (~> 0.4.0)
  spring
  unicorn
  web-console (~> 2.0)

BUNDLED WITH
   1.10.6
